GEM
  remote: http://rubygems.org/
  specs:
    Ascii85 (1.0.2)
    hashery (2.0.1)
    i18n (0.6.1)
    mail (2.4.4)
      i18n (>= 0.4.0)
      mime-types (~> 1.16)
      treetop (~> 1.4.8)
    mime-types (1.19)
    pdf-reader (1.2.0)
      Ascii85 (~> 1.0.0)
      hashery (~> 2.0)
      ruby-rc4
    polyglot (0.3.3)
    prawn (0.12.0)
      pdf-reader (>= 0.9.0)
      ttfunk (~> 1.0.2)
    ruby-rc4 (0.1.5)
    treetop (1.4.12)
      polyglot
      polyglot (>= 0.3.1)
    trollop (2.0)
    ttfunk (1.0.3)

PLATFORMS
  ruby

DEPENDENCIES
  mail
  prawn
  trollop
